PATH
  remote: .
  specs:
    imanip (0.1.5)
      safe_shell (~> 1.0)

GEM
  remote: http://rubygems.org/
  specs:
    mocha (0.9.8)
      rake
    rake (0.8.7)
    safe_shell (1.0.2)

PLATFORMS
  ruby

DEPENDENCIES
  imanip!
  mocha (= 0.9.8)
